GEM
  remote: https://rubygems.org/
  specs:
    backports (3.8.0)
    byebug (9.0.6)
    coderay (1.1.1)
    debugger-ruby_core_source (1.3.8)
    erubis (2.7.0)
    flamegraph (0.9.5)
    foreman (0.84.0)
      thor (~> 0.19.1)
    kgio (2.11.0)
    method_source (0.8.2)
    multi_json (1.12.1)
    mustermann (1.0.0)
    mysql2 (0.4.9)
    mysql2-cs-bind (0.0.6)
      mysql2
    pry (0.10.4)
      coderay (~> 1.1.0)
      method_source (~> 0.8.1)
      slop (~> 3.4)
    pry-byebug (3.4.2)
      byebug (~> 9.0)
      pry (~> 0.10)
    pry-doc (0.11.1)
      pry (~> 0.9)
      yard (~> 0.9)
    rack (2.0.3)
    rack-lineprof (0.0.2)
      rack
      rblineprof (~> 0.3.1)
      term-ansicolor
    rack-mini-profiler (0.10.5)
      rack (>= 1.2.0)
    rack-protection (2.0.0)
      rack
    raindrops (0.19.0)
    rblineprof (0.3.7)
      debugger-ruby_core_source (~> 1.3)
    sinatra (2.0.0)
      mustermann (~> 1.0)
      rack (~> 2.0)
      rack-protection (= 2.0.0)
      tilt (~> 2.0)
    sinatra-contrib (2.0.0)
      backports (>= 2.0)
      multi_json
      mustermann (~> 1.0)
      rack-protection (= 2.0.0)
      sinatra (= 2.0.0)
      tilt (>= 1.3, < 3)
    slop (3.6.0)
    stackprof (0.2.10)
    term-ansicolor (1.6.0)
      tins (~> 1.0)
    thor (0.19.4)
    tilt (2.0.8)
    tins (1.15.0)
    unicorn (5.3.0)
      kgio (~> 2.6)
      raindrops (~> 0.7)
    yard (0.9.9)

PLATFORMS
  ruby

DEPENDENCIES
  erubis
  flamegraph
  foreman
  mysql2
  mysql2-cs-bind
  pry-byebug
  pry-doc
  rack-lineprof
  rack-mini-profiler
  sinatra
  sinatra-contrib
  stackprof
  unicorn

RUBY VERSION
   ruby 2.4.1p111

BUNDLED WITH
   1.15.4
