GEM
  remote: https://rubygems.org/
  specs:
    backports (3.8.0)
    erubis (2.7.0)
    foreman (0.84.0)
      thor (~> 0.19.1)
    kgio (2.11.0)
    multi_json (1.12.1)
    mustermann (1.0.0)
    mysql2 (0.4.9)
    mysql2-cs-bind (0.0.6)
      mysql2
    rack (2.0.3)
    rack-protection (2.0.0)
      rack
    raindrops (0.19.0)
    sinatra (2.0.0)
      mustermann (~> 1.0)
      rack (~> 2.0)
      rack-protection (= 2.0.0)
      tilt (~> 2.0)
    sinatra-contrib (2.0.0)
      backports (>= 2.0)
      multi_json
      mustermann (~> 1.0)
      rack-protection (= 2.0.0)
      sinatra (= 2.0.0)
      tilt (>= 1.3, < 3)
    thor (0.19.4)
    tilt (2.0.8)
    unicorn (5.3.0)
      kgio (~> 2.6)
      raindrops (~> 0.7)

PLATFORMS
  ruby

DEPENDENCIES
  erubis
  foreman
  mysql2
  mysql2-cs-bind
  sinatra
  sinatra-contrib
  unicorn

RUBY VERSION
   ruby 2.4.1p111

BUNDLED WITH
   1.15.4
